GEM
  remote: https://rubygems.org/
  specs:
    concurrent-ruby (1.1.10)
    dry-core (1.0.0)
      concurrent-ruby (~> 1.0)
      zeitwerk (~> 2.6)
    dry-monads (1.6.0)
      concurrent-ruby (~> 1.0)
      dry-core (~> 1.0, < 2)
      zeitwerk (~> 2.6)
    zeitwerk (2.6.6)

PLATFORMS
  ruby

DEPENDENCIES
  dry-monads

BUNDLED WITH
   2.1.4
